GIT
  remote: git://github.com/aslakhellesoy/cucumber-rails.git
  revision: f3002faf12560dc7a7dc16cafb282ffbbf892029
  specs:
    cucumber-rails (0.4.0.beta.1)
      cucumber (~> 0.10.0)
      nokogiri (~> 1.4.4)
      rack-test (~> 0.5.6)

GIT
  remote: git://github.com/aslakhellesoy/cucumber.git
  revision: e2df150cc4fdd4ca6e6a4db8da47fff4eea97df8
  specs:
    cucumber (0.10.0)
      builder (>= 2.1.2)
      diff-lcs (~> 1.1.2)
      gherkin (~> 2.3.3)
      json (~> 1.4.6)
      term-ansicolor (~> 1.0.5)

GIT
  remote: git://github.com/bmabey/database_cleaner.git
  revision: 9bd76e743de34175f22c1bd649af32a123dfe547
  specs:
    database_cleaner (0.6.1)

GIT
  remote: git://github.com/notahat/machinist.git
  revision: 5534f442f9d75d2ef4af642646076435a737e424
  specs:
    machinist (2.0.0.beta2)

GEM
  remote: http://rubygems.org/
  specs:
    ZenTest (4.4.2)
    abstract (1.0.0)
    actionmailer (3.0.3)
      actionpack (= 3.0.3)
      mail (~> 2.2.9)
    actionpack (3.0.3)
      activemodel (= 3.0.3)
      activesupport (= 3.0.3)
      builder (~> 2.1.2)
      erubis (~> 2.6.6)
      i18n (~> 0.4)
      rack (~> 1.2.1)
      rack-mount (~> 0.6.13)
      rack-test (~> 0.5.6)
      tzinfo (~> 0.3.23)
    activemodel (3.0.3)
      activesupport (= 3.0.3)
      builder (~> 2.1.2)
      i18n (~> 0.4)
    activerecord (3.0.3)
      activemodel (= 3.0.3)
      activesupport (= 3.0.3)
      arel (~> 2.0.2)
      tzinfo (~> 0.3.23)
    activeresource (3.0.3)
      activemodel (= 3.0.3)
      activesupport (= 3.0.3)
    activesupport (3.0.3)
    annotate-models (1.0.4)
    arel (2.0.6)
    autotest (4.4.6)
      ZenTest (>= 4.4.1)
    autotest-rails (4.1.0)
      ZenTest
    builder (2.1.2)
    diff-lcs (1.1.2)
    erubis (2.6.6)
      abstract (>= 1.0.0)
    gherkin (2.3.3)
      json (~> 1.4.6)
    i18n (0.5.0)
    json (1.4.6)
    mail (2.2.13)
      activesupport (>= 2.3.6)
      i18n (>= 0.4.0)
      mime-types (~> 1.16)
      treetop (~> 1.4.8)
    mime-types (1.16)
    nokogiri (1.4.4)
    polyglot (0.3.1)
    rack (1.2.1)
    rack-mount (0.6.13)
      rack (>= 1.0.0)
    rack-test (0.5.7)
      rack (>= 1.0)
    rails (3.0.3)
      actionmailer (= 3.0.3)
      actionpack (= 3.0.3)
      activerecord (= 3.0.3)
      activeresource (= 3.0.3)
      activesupport (= 3.0.3)
      bundler (~> 1.0)
      railties (= 3.0.3)
    railties (3.0.3)
      actionpack (= 3.0.3)
      activesupport (= 3.0.3)
      rake (>= 0.8.7)
      thor (~> 0.14.4)
    rake (0.8.7)
    rspec (2.3.0)
      rspec-core (~> 2.3.0)
      rspec-expectations (~> 2.3.0)
      rspec-mocks (~> 2.3.0)
    rspec-core (2.3.1)
    rspec-expectations (2.3.0)
      diff-lcs (~> 1.1.2)
    rspec-mocks (2.3.0)
    rspec-rails (2.3.0)
      actionpack (~> 3.0)
      activesupport (~> 3.0)
      railties (~> 3.0)
      rspec (~> 2.3.0)
    sqlite3-ruby (1.3.2)
    term-ansicolor (1.0.5)
    thor (0.14.6)
    treetop (1.4.9)
      polyglot (>= 0.3.1)
    tzinfo (0.3.23)

PLATFORMS
  ruby

DEPENDENCIES
  ZenTest
  annotate-models (= 1.0.4)
  autotest
  autotest-rails
  cucumber!
  cucumber-rails!
  database_cleaner!
  machinist!
  rails (= 3.0.3)
  rspec
  rspec-rails (= 2.3.0)
  sqlite3-ruby
